GEM
  remote: http://rubygems.org/
  specs:
    activemodel (4.2.11.3)
      activesupport (= 4.2.11.3)
      builder (~> 3.1)
    activerecord (4.2.11.3)
      activemodel (= 4.2.11.3)
      activesupport (= 4.2.11.3)
      arel (~> 6.0)
    activerecord-deprecated_finders (1.0.4)
    activeresource (4.0.0.beta1)
      activemodel (>= 4.0.0.beta1)
      activesupport (>= 4.0.0.beta1)
      rails-observers (~> 0.1.1)
    activesupport (4.2.11.3)
      i18n (~> 0.7)
      minitest (~> 5.1)
      thread_safe (~> 0.3, >= 0.3.4)
      tzinfo (~> 1.1)
    arel (6.0.4)
    bcrypt (3.1.16)
    builder (3.2.4)
    concurrent-ruby (1.1.8)
    crypt-isaac (0.9.1)
    i18n (0.9.5)
      concurrent-ruby (~> 1.0)
    minitest (5.14.4)
    mysql2 (0.5.3)
    net-ldap (0.1.1)
    r18n-core (2.2.0)
    rack (1.6.13)
    rack-protection (1.5.5)
      rack
    rails-observers (0.1.5)
      activemodel (>= 4.0)
    sinatra (1.4.8)
      rack (~> 1.5)
      rack-protection (~> 1.4)
      tilt (>= 1.3, < 3)
    sinatra-r18n (2.2.0)
      r18n-core (= 2.2.0)
      sinatra (>= 1.3)
    thread_safe (0.3.6)
    tilt (2.0.10)
    tzinfo (1.2.9)
      thread_safe (~> 0.1)

PLATFORMS
  ruby

DEPENDENCIES
  activerecord (>= 4.2.6, < 5.0)
  activerecord-deprecated_finders
  activeresource (>= 2.3.12, < 4.0)
  activesupport (>= 4.2.6, < 5.0)
  bcrypt
  crypt-isaac (~> 0.9.1)
  mysql2 (>= 0.3.11)
  net-ldap (~> 0.1.1)
  sinatra (~> 1.0)
  sinatra-r18n (~> 2.0)

BUNDLED WITH
   1.17.3
